PATH
  remote: .
  specs:
    elastic_manager (0.4.0)
      colorize (~> 0.8)
      dotenv (~> 2.4)
      http (~> 3.3)
      rake (~> 12.3)
      vault (~> 0.13.0)
      yajl-ruby (~> 1.4)

GEM
  remote: https://rubygems.org/
  specs:
    addressable (2.7.0)
      public_suffix (>= 2.0.2, < 5.0)
    aws-eventstream (1.0.3)
    aws-sigv4 (1.1.0)
      aws-eventstream (~> 1.0, >= 1.0.2)
    colorize (0.8.1)
    domain_name (0.5.20190701)
      unf (>= 0.0.5, < 1.0.0)
    dotenv (2.7.5)
    http (3.3.0)
      addressable (~> 2.3)
      http-cookie (~> 1.0)
      http-form_data (~> 2.0)
      http_parser.rb (~> 0.6.0)
    http-cookie (1.0.3)
      domain_name (~> 0.5)
    http-form_data (2.1.1)
    http_parser.rb (0.6.0)
    public_suffix (4.0.1)
    rake (12.3.3)
    unf (0.1.4)
      unf_ext
    unf_ext (0.0.7.6)
    vault (0.13.0)
      aws-sigv4
    yajl-ruby (1.4.1)

PLATFORMS
  ruby

DEPENDENCIES
  elastic_manager!

RUBY VERSION
   ruby 2.6.3p62

BUNDLED WITH
   1.17.3
