PATH
  remote: .
  specs:
    elastic_manager (0.3.4)
      colorize (~> 0.8)
      dotenv (~> 2.4)
      http (~> 3.3)
      rake (~> 12.3)
      yajl-ruby (~> 1.4)

GEM
  remote: https://rubygems.org/
  specs:
    addressable (2.5.2)
      public_suffix (>= 2.0.2, < 4.0)
    colorize (0.8.1)
    domain_name (0.5.20180417)
      unf (>= 0.0.5, < 1.0.0)
    dotenv (2.5.0)
    http (3.3.0)
      addressable (~> 2.3)
      http-cookie (~> 1.0)
      http-form_data (~> 2.0)
      http_parser.rb (~> 0.6.0)
    http-cookie (1.0.3)
      domain_name (~> 0.5)
    http-form_data (2.1.1)
    http_parser.rb (0.6.0)
    public_suffix (3.0.3)
    rake (12.3.0)
    unf (0.1.4)
      unf_ext
    unf_ext (0.0.7.5)
    yajl-ruby (1.4.1)

PLATFORMS
  ruby

DEPENDENCIES
  elastic_manager!

RUBY VERSION
   ruby 2.5.1p57

BUNDLED WITH
   1.17.3
